PATH
  remote: .
  specs:
    refile_preprocess (0.1.0)

GEM
  remote: https://rubygems.org/
  specs:

PLATFORMS
  ruby

DEPENDENCIES
  refile_preprocess!

BUNDLED WITH
   1.16.0
